PATH
  remote: .
  specs:
    jekyll-scholar-extras-gemoc (0.1.3)
      bibtex-ruby (~> 4.0, >= 4.0.13)
      citeproc-ruby (~> 1.0)
      jekyll (~> 3.0)
      jekyll-scholar (~> 5.8)

GEM
  remote: https://rubygems.org/
  specs:
    addressable (2.5.0)
      public_suffix (~> 2.0, >= 2.0.2)
    bibtex-ruby (4.4.3)
      latex-decode (~> 0.0)
    byebug (3.5.1)
      columnize (~> 0.8)
      debugger-linecache (~> 1.2)
      slop (~> 3.6)
    citeproc (1.0.5)
      namae (~> 0.8)
    citeproc-ruby (1.1.6)
      citeproc (>= 1.0.4, < 2.0)
      csl (~> 1.4)
    colorator (1.1.0)
    columnize (0.9.0)
    csl (1.4.5)
      namae (~> 0.7)
    csl-styles (1.0.1.7)
      csl (~> 1.0)
    debugger-linecache (1.2.0)
    ffi (1.9.17)
    forwardable-extended (2.6.0)
    jekyll (3.4.0)
      addressable (~> 2.4)
      colorator (~> 1.0)
      jekyll-sass-converter (~> 1.0)
      jekyll-watch (~> 1.1)
      kramdown (~> 1.3)
      liquid (~> 3.0)
      mercenary (~> 0.3.3)
      pathutil (~> 0.9)
      rouge (~> 1.7)
      safe_yaml (~> 1.0)
    jekyll-sass-converter (1.5.0)
      sass (~> 3.4)
    jekyll-scholar (5.9.1)
      bibtex-ruby (~> 4.0, >= 4.0.13)
      citeproc-ruby (~> 1.0)
      csl-styles (~> 1.0)
      jekyll (~> 3.0)
    jekyll-watch (1.5.0)
      listen (~> 3.0, < 3.1)
    kramdown (1.13.2)
    latex-decode (0.2.2)
      unicode (~> 0.4)
    liquid (3.0.6)
    listen (3.0.8)
      rb-fsevent (~> 0.9, >= 0.9.4)
      rb-inotify (~> 0.9, >= 0.9.7)
    mercenary (0.3.6)
    minitest (4.7.5)
    namae (0.11.3)
    pathutil (0.14.0)
      forwardable-extended (~> 2.6)
    public_suffix (2.0.5)
    rake (12.0.0)
    rb-fsevent (0.9.8)
    rb-inotify (0.9.8)
      ffi (>= 0.5.0)
    redcarpet (3.4.0)
    redgreen (1.2.2)
    rouge (1.11.1)
    rubinius-compiler (2.3.1)
    rubinius-debugger (2.6)
    safe_yaml (1.0.4)
    sass (3.4.23)
    slop (3.6.0)
    unicode (0.4.4.2)
    unicode_utils (1.4.0)

PLATFORMS
  ruby

DEPENDENCIES
  byebug (~> 3.5)
  jekyll-scholar-extras-gemoc!
  minitest (< 5.0)
  rake
  redcarpet
  redgreen (~> 1.2)
  rubinius-compiler (~> 2.0)
  rubinius-debugger (~> 2.0)
  unicode_utils

BUNDLED WITH
   1.14.4
